GEM
  specs:
    colorize (0.7.7)

PLATFORMS
  ruby

DEPENDENCIES
  colorize

BUNDLED WITH
   1.15.3
